PATH
  remote: .
  specs:
    gooddata (0.6.26)
      aws-sdk (~> 1.45)
      docile (~> 1.1, >= 1.1.5)
      erubis (~> 2.7, >= 2.7.0)
      gli (~> 2.13, >= 2.13.2)
      highline (~> 1.7, >= 1.7.3)
      json_pure (~> 1.8, >= 1.8.2)
      multi_json (~> 1.11, >= 1.11.2)
      parseconfig (~> 1.0, >= 1.0.6)
      pmap (~> 1.0, >= 1.0.2)
      pry (~> 0.10, >= 0.10.3)
      rest-client (~> 1.8, >= 1.8.0)
      restforce (~> 2.1, >= 2.1.1)
      rubyzip (~> 1.1, >= 1.1.7)
      salesforce_bulk_query (~> 0.2, >= 0.2.0)
      terminal-table (~> 1.5, >= 1.5.2)
      thread_safe

GEM
  remote: https://rubygems.org/
  specs:
    ZenTest (4.11.0)
    addressable (2.4.0)
    ast (2.2.0)
    aws-sdk (1.66.0)
      aws-sdk-v1 (= 1.66.0)
    aws-sdk-v1 (1.66.0)
      json (~> 1.4)
      nokogiri (>= 1.4.4)
    coderay (1.1.1)
    colored (1.2)
    crack (0.4.3)
      safe_yaml (~> 1.0.0)
    debase (0.2.1)
      debase-ruby_core_source
    debase-ruby_core_source (0.8.6)
    diff-lcs (1.2.5)
    docile (1.1.5)
    domain_name (0.5.20160310)
      unf (>= 0.0.5, < 1.0.0)
    erubis (2.7.0)
    faraday (0.9.2)
      multipart-post (>= 1.2, < 3)
    faraday_middleware (0.10.0)
      faraday (>= 0.7.4, < 0.10)
    gli (2.13.4)
    hashdiff (0.3.0)
    hashie (3.4.3)
    highline (1.7.8)
    http-cookie (1.0.2)
      domain_name (~> 0.5)
    httparty (0.13.7)
      json (~> 1.8)
      multi_xml (>= 0.5.2)
    json (1.8.3)
    json_pure (1.8.3)
    license_finder (2.1.0)
      bundler
      httparty
      rubyzip
      thor
      xml-simple
    method_source (0.8.2)
    mime-types (2.99.1)
    mini_portile2 (2.0.0)
    multi_json (1.11.3)
    multi_xml (0.5.5)
    multipart-post (2.0.0)
    netrc (0.11.0)
    nokogiri (1.6.7.2)
      mini_portile2 (~> 2.0.0.rc2)
    parseconfig (1.0.8)
    parser (2.3.0.7)
      ast (~> 2.2)
    pmap (1.1.1)
    powerpack (0.1.1)
    pry (0.10.3)
      coderay (~> 1.1.0)
      method_source (~> 0.8.1)
      slop (~> 3.4)
    rainbow (2.1.0)
    rake (10.5.0)
    rake-notes (0.2.0)
      colored
      rake
    redcarpet (3.3.4)
    rest-client (1.8.0)
      http-cookie (>= 1.0.2, < 2.0)
      mime-types (>= 1.16, < 3.0)
      netrc (~> 0.7)
    restforce (2.2.0)
      faraday (~> 0.9.0)
      faraday_middleware (>= 0.8.8)
      hashie (>= 1.2.0, < 4.0)
      json (>= 1.7.5, < 1.9.0)
    rspec (3.4.0)
      rspec-core (~> 3.4.0)
      rspec-expectations (~> 3.4.0)
      rspec-mocks (~> 3.4.0)
    rspec-core (3.4.4)
      rspec-support (~> 3.4.0)
    rspec-expectations (3.4.0)
      diff-lcs (>= 1.2.0, < 2.0)
      rspec-support (~> 3.4.0)
    rspec-mocks (3.4.1)
      diff-lcs (>= 1.2.0, < 2.0)
      rspec-support (~> 3.4.0)
    rspec-support (3.4.1)
    rubocop (0.39.0)
      parser (>= 2.3.0.7, < 3.0)
      powerpack (~> 0.1)
      rainbow (>= 1.99.1, < 3.0)
      ruby-progressbar (~> 1.7)
      unicode-display_width (~> 1.0, >= 1.0.1)
    ruby-debug-ide (0.6.0)
      rake (>= 0.8.1)
    ruby-progressbar (1.8.0)
    rubyzip (1.2.0)
    safe_yaml (1.0.4)
    salesforce_bulk_query (0.2.0)
      json (~> 1.8)
      xml-simple (~> 1.1)
    simplecov (0.11.2)
      docile (~> 1.1.0)
      json (~> 1.8)
      simplecov-html (~> 0.10.0)
    simplecov-html (0.10.0)
    slop (3.6.0)
    terminal-table (1.5.2)
    thor (0.19.1)
    thread_safe (0.3.5)
    unf (0.1.4)
      unf_ext
    unf_ext (0.0.7.2)
    unicode-display_width (1.0.3)
    webmock (1.24.5)
      addressable (>= 2.3.6)
      crack (>= 0.3.2)
      hashdiff
    xml-simple (1.1.5)
    yard (0.8.7.6)
    yard-rspec (0.1)
      yard

PLATFORMS
  ruby

DEPENDENCIES
  ZenTest (~> 4.10, >= 4.11.0)
  bundler
  debase (~> 0.1, >= 0.1.7)
  gooddata!
  license_finder (~> 2.0, >= 2.0.4)
  rake (~> 10.4, >= 10.4.2)
  rake-notes (~> 0.2, >= 0.2.0)
  redcarpet (~> 3.1, >= 3.1.1)
  rspec (~> 3.4, >= 3.4.0)
  rspec-expectations (~> 3.4, >= 3.4.0)
  rubocop (~> 0.34, >= 0.34.0)
  ruby-debug-ide (~> 0.4)
  simplecov (~> 0.10, >= 0.10.0)
  webmock (~> 1.21, >= 1.21.0)
  yard (~> 0.8.7.6)
  yard-rspec (~> 0.1)

BUNDLED WITH
   1.11.2
